PATH
  remote: .
  specs:
    djula (0.0.0)
      json

GEM
  remote: http://rubygems.org/
  specs:
    json (1.7.5)
    minitest (3.5.0)
    rake (0.9.2.2)

PLATFORMS
  ruby

DEPENDENCIES
  djula!
  minitest (~> 3.0)
  rake
